PATH
  remote: .
  specs:
    pixelcabin-rubocop (0.3.0)
      rubocop (~> 0.74)

GEM
  remote: https://rubygems.org/
  specs:
    ast (2.4.0)
    bump (0.7.0)
    faraday (0.15.4)
      multipart-post (>= 1.2, < 3)
    gemfury (0.9.1)
      faraday (>= 0.9.0, < 0.16.0.pre)
      highline (>= 1.6.0, < 2.1.0.pre)
      multi_json (~> 1.10)
      netrc (>= 0.10.0, < 0.12.0.pre)
      thor (>= 0.14.0, < 1.0.0.pre)
    highline (2.0.1)
    jaro_winkler (1.5.3)
    multi_json (1.13.1)
    multipart-post (2.0.0)
    netrc (0.11.0)
    parallel (1.17.0)
    parser (2.6.4.1)
      ast (~> 2.4.0)
    rainbow (3.0.0)
    rake (10.5.0)
    rubocop (0.74.0)
      jaro_winkler (~> 1.5.1)
      parallel (~> 1.10)
      parser (>= 2.6)
      rainbow (>= 2.2.2, < 4.0)
      ruby-progressbar (~> 1.7)
      unicode-display_width (>= 1.4.0, < 1.7)
    ruby-progressbar (1.10.1)
    thor (0.20.3)
    unicode-display_width (1.6.0)

PLATFORMS
  ruby

DEPENDENCIES
  bump (~> 0.7.0)
  bundler (~> 2.0.1)
  gemfury (~> 0.9.1)
  pixelcabin-rubocop!
  rake (~> 10.0)

BUNDLED WITH
   2.0.1
