PATH
  remote: .
  specs:
    pixelcabin-rubocop (0.6.7)
      rubocop (~> 1.10)
      rubocop-performance (~> 1.11)
      rubocop-rails (~> 2.9)
      rubocop-rake (~> 0.5)

GEM
  remote: https://rubygems.org/
  specs:
    activesupport (6.1.3.1)
      concurrent-ruby (~> 1.0, >= 1.0.2)
      i18n (>= 1.6, < 2)
      minitest (>= 5.1)
      tzinfo (~> 2.0)
      zeitwerk (~> 2.3)
    ast (2.4.2)
    bump (0.9.0)
    concurrent-ruby (1.1.8)
    faraday (0.15.4)
      multipart-post (>= 1.2, < 3)
    gemfury (0.9.1)
      faraday (>= 0.9.0, < 0.16.0.pre)
      highline (>= 1.6.0, < 2.1.0.pre)
      multi_json (~> 1.10)
      netrc (>= 0.10.0, < 0.12.0.pre)
      thor (>= 0.14.0, < 1.0.0.pre)
    highline (2.0.3)
    i18n (1.8.10)
      concurrent-ruby (~> 1.0)
    minitest (5.14.4)
    multi_json (1.14.1)
    multipart-post (2.1.1)
    netrc (0.11.0)
    parallel (1.20.1)
    parser (3.0.1.0)
      ast (~> 2.4.1)
    rack (2.2.3)
    rainbow (3.0.0)
    rake (13.0.1)
    regexp_parser (2.1.1)
    rexml (3.2.5)
    rubocop (1.13.0)
      parallel (~> 1.10)
      parser (>= 3.0.0.0)
      rainbow (>= 2.2.2, < 4.0)
      regexp_parser (>= 1.8, < 3.0)
      rexml
      rubocop-ast (>= 1.2.0, < 2.0)
      ruby-progressbar (~> 1.7)
      unicode-display_width (>= 1.4.0, < 3.0)
    rubocop-ast (1.4.1)
      parser (>= 2.7.1.5)
    rubocop-performance (1.11.0)
      rubocop (>= 1.7.0, < 2.0)
      rubocop-ast (>= 0.4.0)
    rubocop-rails (2.9.1)
      activesupport (>= 4.2.0)
      rack (>= 1.1)
      rubocop (>= 0.90.0, < 2.0)
    rubocop-rake (0.5.1)
      rubocop
    ruby-progressbar (1.11.0)
    thor (0.20.3)
    tzinfo (2.0.4)
      concurrent-ruby (~> 1.0)
    unicode-display_width (2.0.0)
    zeitwerk (2.4.2)

PLATFORMS
  ruby

DEPENDENCIES
  bump (~> 0.9.0)
  bundler (~> 2.0.1)
  gemfury (~> 0.9.1)
  pixelcabin-rubocop!
  rake (~> 13.0)

BUNDLED WITH
   2.0.2
