PATH
  remote: .
  specs:
    pixelcabin-rubocop (0.5.2)
      rubocop (~> 0.79.0)
      rubocop-performance (~> 1.5.2)
      rubocop-rails (~> 2.4.2)

GEM
  remote: https://rubygems.org/
  specs:
    ast (2.4.0)
    bump (0.7.0)
    faraday (0.15.4)
      multipart-post (>= 1.2, < 3)
    gemfury (0.9.1)
      faraday (>= 0.9.0, < 0.16.0.pre)
      highline (>= 1.6.0, < 2.1.0.pre)
      multi_json (~> 1.10)
      netrc (>= 0.10.0, < 0.12.0.pre)
      thor (>= 0.14.0, < 1.0.0.pre)
    highline (2.0.3)
    jaro_winkler (1.5.4)
    multi_json (1.14.1)
    multipart-post (2.1.1)
    netrc (0.11.0)
    parallel (1.19.1)
    parser (2.7.0.2)
      ast (~> 2.4.0)
    rack (2.1.2)
    rainbow (3.0.0)
    rake (10.5.0)
    rubocop (0.76.0)
      jaro_winkler (~> 1.5.1)
      parallel (~> 1.10)
      parser (>= 2.6)
      rainbow (>= 2.2.2, < 4.0)
      ruby-progressbar (~> 1.7)
      unicode-display_width (>= 1.4.0, < 1.7)
    rubocop-performance (1.5.2)
      rubocop (>= 0.71.0)
    rubocop-rails (2.4.2)
      rack (>= 1.1)
      rubocop (>= 0.72.0)
    ruby-progressbar (1.10.1)
    thor (0.20.3)
    unicode-display_width (1.6.1)

PLATFORMS
  ruby

DEPENDENCIES
  bump (~> 0.7.0)
  bundler (~> 2.0.1)
  gemfury (~> 0.9.1)
  pixelcabin-rubocop!
  rake (~> 10.0)

BUNDLED WITH
   2.0.2
